GEM
  remote: https://rubygems.org/
  specs:
<<<<<<< HEAD
    diff-lcs (1.3)
    mustermann (1.1.1)
      ruby2_keywords (~> 0.0.1)
    rack (2.1.2)
    rack-protection (2.0.8.1)
      rack
=======
    addressable (2.7.0)
      public_suffix (>= 2.0.2, < 5.0)
    capybara (3.31.0)
      addressable
      mini_mime (>= 0.1.3)
      nokogiri (~> 1.8)
      rack (>= 1.6.0)
      rack-test (>= 0.6.3)
      regexp_parser (~> 1.5)
      xpath (~> 3.2)
    diff-lcs (1.3)
    mini_mime (1.0.2)
    mini_portile2 (2.4.0)
    mustermann (1.1.1)
      ruby2_keywords (~> 0.0.1)
    nokogiri (1.10.7)
      mini_portile2 (~> 2.4.0)
    public_suffix (4.0.3)
    rack (2.1.2)
    rack-protection (2.0.8.1)
      rack
    rack-test (1.1.0)
      rack (>= 1.0, < 3)
    regexp_parser (1.6.0)
>>>>>>> f9d86c06da1a2b70de361a89356161d15164513f
    rspec (3.9.0)
      rspec-core (~> 3.9.0)
      rspec-expectations (~> 3.9.0)
      rspec-mocks (~> 3.9.0)
    rspec-core (3.9.1)
      rspec-support (~> 3.9.1)
    rspec-expectations (3.9.0)
      diff-lcs (>= 1.2.0, < 2.0)
      rspec-support (~> 3.9.0)
    rspec-mocks (3.9.1)
      diff-lcs (>= 1.2.0, < 2.0)
      rspec-support (~> 3.9.0)
    rspec-support (3.9.2)
    ruby2_keywords (0.0.2)
    sinatra (2.0.8.1)
      mustermann (~> 1.0)
      rack (~> 2.0)
      rack-protection (= 2.0.8.1)
      tilt (~> 2.0)
    tilt (2.0.10)
<<<<<<< HEAD
=======
    xpath (3.2.0)
      nokogiri (~> 1.8)
>>>>>>> f9d86c06da1a2b70de361a89356161d15164513f

PLATFORMS
  ruby

DEPENDENCIES
<<<<<<< HEAD
=======
  capybara
>>>>>>> f9d86c06da1a2b70de361a89356161d15164513f
  rspec
  sinatra

BUNDLED WITH
   2.1.4
